GEM
  remote: https://rubygems.org/
  specs:
    highline (1.6.13)
    net-sftp (2.0.5)
      net-ssh (>= 2.0.9)
    net-ssh (2.5.2)

PLATFORMS
  ruby

DEPENDENCIES
  highline
  net-sftp
